GEM
  remote: https://rubygems.org/
  specs:
    redis (4.0.1)

PLATFORMS
  ruby

DEPENDENCIES
  redis

BUNDLED WITH
   1.16.1
